GEM
  specs:
    colorator (1.1.0)

PLATFORMS
  x86_64-linux

DEPENDENCIES
  colorator (~> 1.1)

BUNDLED WITH
   2.5.10
